GIT
  remote: git://github.com/awestruct/aweplug.git
  revision: 2eb752c1c73da806b136e703c0654ba769261e08
  specs:
    aweplug (1.0.0.a24)
      curb (~> 0.8.5)
      faraday (>= 0.8.7, < 1.0.0)
      faraday_middleware (>= 0.9.0)
      google-api-client (~> 0.7)
      kramdown (~> 1.0.2)
      nokogiri (~> 1.5.10)
      oauth (~> 0.3.6)
      octokit (>= 1.24.0)
      parallel (> 1.0.0)
      ruby-duration (= 3.1)
      sass (< 3.4.6)
      uglifier (~> 2.0.1)
      xml-simple (~> 1.1)

GEM
  remote: https://rubygems.org/
  specs:
    activesupport (4.2.0)
      i18n (~> 0.7)
      json (~> 1.7, >= 1.7.7)
      minitest (~> 5.1)
      thread_safe (~> 0.3, >= 0.3.4)
      tzinfo (~> 1.1)
    addressable (2.3.6)
    asciidoctor (1.5.2)
    autoparse (0.3.3)
      addressable (>= 2.3.1)
      extlib (>= 0.9.15)
      multi_json (>= 1.0.0)
    awestruct (0.5.6.beta8)
      asciidoctor
      bootstrap-sass (~> 3.2.0.2)
      colorize (~> 0.7.1)
      compass (~> 1.0.1)
      compass-960-plugin (~> 0.10.4)
      git (~> 1.2.6)
      guard-livereload (~> 2.1.2)
      haml (~> 4.0.5)
      listen (~> 2.7.1)
      mime-types (~> 2.1)
      parallel (> 1.1.1)
      rack (~> 1.5.2)
      rest-client (~> 1.7.2)
      ruby-s3cmd (~> 0.1.5)
      tilt (~> 2.0.1)
      zurb-foundation (~> 4.3.2)
    bootstrap-sass (3.2.0.4)
      sass (~> 3.2)
    celluloid (0.16.0)
      timers (~> 4.0.0)
    chunky_png (1.3.3)
    coderay (1.1.0)
    colorize (0.7.5)
    compass (1.0.3)
      chunky_png (~> 1.2)
      compass-core (~> 1.0.2)
      compass-import-once (~> 1.0.5)
      rb-fsevent (>= 0.9.3)
      rb-inotify (>= 0.9)
      sass (>= 3.3.13, < 3.5)
    compass-960-plugin (0.10.4)
      compass (>= 0.10.0)
    compass-core (1.0.3)
      multi_json (~> 1.0)
      sass (>= 3.3.0, < 3.5)
    compass-import-once (1.0.5)
      sass (>= 3.2, < 3.5)
    curb (0.8.6)
    daybreak (0.3.0)
    em-websocket (0.5.1)
      eventmachine (>= 0.12.9)
      http_parser.rb (~> 0.6.0)
    eventmachine (1.0.4)
    execjs (2.2.2)
    extlib (0.9.16)
    faraday (0.9.1)
      multipart-post (>= 1.2, < 3)
    faraday_middleware (0.9.1)
      faraday (>= 0.7.4, < 0.10)
    ffi (1.9.6)
    formatador (0.2.5)
    git (1.2.9.1)
    google-api-client (0.8.2)
      activesupport (>= 3.2)
      addressable (~> 2.3)
      autoparse (~> 0.3)
      extlib (~> 0.9)
      faraday (~> 0.9)
      launchy (~> 2.4)
      multi_json (~> 1.10)
      retriable (~> 1.4)
      signet (~> 0.6)
    guard (2.11.1)
      formatador (>= 0.2.4)
      listen (~> 2.7)
      lumberjack (~> 1.0)
      nenv (~> 0.1)
      notiffany (~> 0.0)
      pry (>= 0.9.12)
      shellany (~> 0.0)
      thor (>= 0.18.1)
    guard-livereload (2.1.3)
      em-websocket (~> 0.5)
      guard (~> 2.0)
      multi_json (~> 1.8)
    haml (4.0.6)
      tilt
    hitimes (1.2.2)
    http_parser.rb (0.6.0)
    i18n (0.7.0)
    iso8601 (0.8.2)
    json (1.8.2)
    jwt (1.2.0)
    kramdown (1.0.2)
    launchy (2.4.3)
      addressable (~> 2.3)
    listen (2.7.12)
      celluloid (>= 0.15.2)
      rb-fsevent (>= 0.9.3)
      rb-inotify (>= 0.9)
    lumberjack (1.0.9)
    method_source (0.8.2)
    mime-types (2.4.3)
    minitest (5.5.1)
    multi_json (1.10.1)
    multipart-post (2.0.0)
    nenv (0.2.0)
    netrc (0.10.2)
    nokogiri (1.5.11)
    notiffany (0.0.3)
      nenv (~> 0.1)
      shellany (~> 0.0)
    oauth (0.3.6)
      ruby-hmac (>= 0.3.1)
    octokit (3.7.0)
      sawyer (~> 0.6.0, >= 0.5.3)
    parallel (1.3.3)
    pry (0.10.1)
      coderay (~> 1.1.0)
      method_source (~> 0.8.1)
      slop (~> 3.4)
    rack (1.5.2)
    rake (13.0.1)
    rb-fsevent (0.9.4)
    rb-inotify (0.9.5)
      ffi (>= 0.5.0)
    rest-client (1.7.2)
      mime-types (>= 1.16, < 3.0)
      netrc (~> 0.7)
    retriable (1.4.1)
    ruby-duration (3.1.0)
      activesupport (>= 3.0.0)
      i18n
      iso8601
    ruby-hmac (0.4.0)
    ruby-s3cmd (0.1.5)
    sass (3.4.5)
    sawyer (0.6.0)
      addressable (~> 2.3.5)
      faraday (~> 0.8, < 0.10)
    shellany (0.0.1)
    signet (0.6.0)
      addressable (~> 2.3)
      extlib (~> 0.9)
      faraday (~> 0.9)
      jwt (~> 1.0)
      multi_json (~> 1.10)
    slop (3.6.0)
    thor (0.19.1)
    thread_safe (0.3.4)
    tilt (2.0.1)
    timers (4.0.1)
      hitimes
    tzinfo (1.2.2)
      thread_safe (~> 0.1)
    uglifier (2.0.1)
      execjs (>= 0.3.0)
      multi_json (~> 1.0, >= 1.0.2)
    xml-simple (1.1.4)
    zurb-foundation (4.3.2)
      sass (>= 3.2.0)

PLATFORMS
  ruby

DEPENDENCIES
  aweplug!
  awestruct (~> 0.5.5.beta8)
  daybreak
  kramdown (~> 1.0.1)
  rake (~> 13.0.1)
